PATH
  remote: .
  specs:
    stalker (0.1.0)

GEM
  remote: https://rubygems.org/
  specs:
    ast (2.4.0)
    jaro_winkler (1.5.4)
    minitest (5.14.0)
    parallel (1.19.1)
    parser (2.7.0.5)
      ast (~> 2.4.0)
    rainbow (3.0.0)
    rake (12.3.3)
    rexml (3.2.4)
    rubocop (0.80.1)
      jaro_winkler (~> 1.5.1)
      parallel (~> 1.10)
      parser (>= 2.7.0.1)
      rainbow (>= 2.2.2, < 4.0)
      rexml
      ruby-progressbar (~> 1.7)
      unicode-display_width (>= 1.4.0, < 1.7)
    rubocop-rspec (1.38.1)
      rubocop (>= 0.68.1)
    ruby-progressbar (1.10.1)
    unicode-display_width (1.6.1)

PLATFORMS
  ruby

DEPENDENCIES
  minitest (~> 5.0)
  rake (~> 12.0)
  rubocop
  rubocop-rspec
  stalker!

BUNDLED WITH
   2.1.4
