GEM
  remote: https://rubygems.org/
  specs:
    ast (2.4.0)
    bcrypt (3.1.13)
    jaro_winkler (1.5.4)
    json (2.3.0)
    parallel (1.19.1)
    parser (2.7.0.2)
      ast (~> 2.4.0)
    rack (2.1.2)
    rainbow (3.0.0)
    rake (13.0.1)
    roda (3.28.0)
      rack
    rubocop (0.79.0)
      jaro_winkler (~> 1.5.1)
      parallel (~> 1.10)
      parser (>= 2.7.0.1)
      rainbow (>= 2.2.2, < 4.0)
      ruby-progressbar (~> 1.7)
      unicode-display_width (>= 1.4.0, < 1.7)
    rubocop-rspec (1.38.1)
      rubocop (>= 0.68.1)
    ruby-progressbar (1.10.1)
    sequel (5.29.0)
    sqlite3 (1.4.2)
    tilt (2.0.10)
    unicode-display_width (1.6.1)

PLATFORMS
  ruby

DEPENDENCIES
  bcrypt
  json
  rake
  roda
  rubocop
  rubocop-rspec
  sequel
  sqlite3
  tilt

BUNDLED WITH
   2.1.4
